GIT
  remote: http://github.com/hquery/patientapi.git
  revision: 6634f95702e0f517bb09fdbb45597796664a61f1
  branch: develop
  specs:
    hquery-patient-api (0.1.0)

GEM
  remote: http://rubygems.org/
  specs:
    actionpack (3.2.1)
      activemodel (= 3.2.1)
      activesupport (= 3.2.1)
      builder (~> 3.0.0)
      erubis (~> 2.7.0)
      journey (~> 1.0.1)
      rack (~> 1.4.0)
      rack-cache (~> 1.1)
      rack-test (~> 0.6.1)
      sprockets (~> 2.1.2)
    activemodel (3.2.1)
      activesupport (= 3.2.1)
      builder (~> 3.0.0)
    activesupport (3.2.1)
      i18n (~> 0.6)
      multi_json (~> 1.0)
    ansi (1.4.2)
    awesome_print (1.0.2)
    builder (3.0.0)
    coderay (1.0.5)
    coffee-rails (3.2.2)
      coffee-script (>= 2.2.0)
      railties (~> 3.2.0)
    coffee-script (2.2.0)
      coffee-script-source
      execjs
    coffee-script-source (1.2.0)
    configatron (2.9.0)
      yamler (>= 0.1.0)
    cover_me (1.2.0)
      configatron
      hashie
    erubis (2.7.0)
    execjs (1.3.0)
      multi_json (~> 1.0)
    hashie (1.2.0)
    hike (1.2.1)
    i18n (0.6.0)
    journey (1.0.2)
    json (1.6.5)
    json (1.6.5-java)
    libv8 (3.3.10.4)
    method_source (0.7.0)
    minitest (2.11.2)
    multi_json (1.1.0)
    nokogiri (1.5.0)
    nokogiri (1.5.0-java)
    pry (0.9.8.2)
      coderay (~> 1.0.5)
      method_source (~> 0.7)
      slop (>= 2.4.4, < 3)
    pry (0.9.8.2-java)
      coderay (~> 1.0.5)
      method_source (~> 0.7)
      slop (>= 2.4.4, < 3)
      spoon (~> 0.0)
    rack (1.4.1)
    rack-cache (1.1)
      rack (>= 0.4)
    rack-ssl (1.3.2)
      rack
    rack-test (0.6.1)
      rack (>= 1.0)
    railties (3.2.1)
      actionpack (= 3.2.1)
      activesupport (= 3.2.1)
      rack-ssl (~> 1.3.2)
      rake (>= 0.8.7)
      rdoc (~> 3.4)
      thor (~> 0.14.6)
    rake (0.9.2.2)
    rdoc (3.12)
      json (~> 1.4)
    sass (3.1.15)
    sass-rails (3.2.4)
      railties (~> 3.2.0)
      sass (>= 3.1.10)
      tilt (~> 1.3)
    slop (2.4.4)
    spoon (0.0.1)
    sprockets (2.1.2)
      hike (~> 1.2)
      rack (~> 1.0)
      tilt (~> 1.1, != 1.3.0)
    therubyracer (0.9.10)
      libv8 (~> 3.3.10)
    therubyrhino (1.73.1)
    thor (0.14.6)
    tilt (1.3.3)
    turn (0.9.3)
      ansi
    uglifier (1.2.3)
      execjs (>= 0.3.0)
      multi_json (>= 1.0.2)
    yamler (0.1.0)

PLATFORMS
  java
  ruby

DEPENDENCIES
  awesome_print
  coffee-rails
  coffee-script
  cover_me (~> 1.2.0)
  hquery-patient-api!
  minitest
  nokogiri
  pry
  rake
  sass-rails
  sprockets
  therubyracer
  therubyrhino
  tilt
  turn
  uglifier
