PATH
  remote: .
  specs:
    hqmf2js (0.1.0)
      nokogiri (~> 1.4.4)

GEM
  remote: http://rubygems.org/
  specs:
    awesome_print (0.4.0)
    nokogiri (1.4.7)
    rake (0.9.2.2)
    test-unit (2.4.0)

PLATFORMS
  ruby

DEPENDENCIES
  awesome_print (~> 0.3)
  hqmf2js!
  rake
  test-unit
