PATH
  remote: .
  specs:
    hqmf2js (0.1.0)
      nokogiri (~> 1.4.4)

GEM
  remote: http://rubygems.org/
  specs:
    awesome_print (0.4.0)
    coffee-script (2.2.0)
      coffee-script-source
      execjs
    coffee-script-source (1.1.3)
    execjs (1.2.12)
      multi_json (~> 1.0)
    hike (1.2.1)
    multi_json (1.0.4)
    nokogiri (1.4.7)
    rack (1.3.5)
    rake (0.9.2.2)
    sprockets (2.0.3)
      hike (~> 1.2)
      rack (~> 1.0)
      tilt (~> 1.1, != 1.3.0)
    test-unit (2.4.0)
    tilt (1.3.3)
    uglifier (1.2.0)
      execjs (>= 0.3.0)
      multi_json (>= 1.0.2)

PLATFORMS
  ruby

DEPENDENCIES
  awesome_print (~> 0.3)
  coffee-script
  hqmf2js!
  rake
  sprockets
  test-unit
  tilt
  uglifier
